GEM
  remote: http://rubygems.org/
  specs:
    johnson (1.2.0)
    rake (0.9.2)

PLATFORMS
  ruby

DEPENDENCIES
  johnson (~> 1.2.0)
  rake (>= 0.8.7)
